GEM
  remote: https://rubygems.org/
  specs:
    algolia (2.3.4)
      faraday (>= 0.15, < 3)
      faraday-net_http_persistent (>= 0.15, < 3)
      multi_json (~> 1.0)
      net-http-persistent
    connection_pool (2.4.1)
    dotenv (3.1.0)
    faraday (2.9.0)
      faraday-net_http (>= 2.0, < 3.2)
    faraday-net_http (3.1.0)
      net-http
    faraday-net_http_persistent (2.1.0)
      faraday (~> 2.5)
      net-http-persistent (~> 4.0)
    multi_json (1.15.0)
    net-http (0.4.1)
      uri
    net-http-persistent (4.0.2)
      connection_pool (~> 2.2)
    uri (0.13.0)

PLATFORMS
  arm64-darwin-23
  x86_64-linux

DEPENDENCIES
  algolia
  dotenv

BUNDLED WITH
   2.2.22
